PATH
  remote: .
  specs:
    bfire (0.1.0)
      backports
      libxml-ruby
      net-scp
      net-sftp
      net-ssh-gateway
      net-ssh-multi
      restfully
      rgl
      uuidtools

GEM
  remote: http://rubygems.org/
  specs:
    ZenTest (4.5.0)
    addressable (2.2.6)
    autotest (4.4.6)
      ZenTest (>= 4.4.1)
    autotest-growl (0.2.9)
    backports (2.2.1)
    crack (0.1.8)
    diff-lcs (1.1.2)
    json (1.5.2)
    libxml-ruby (2.0.6)
    mime-types (1.16)
    net-scp (1.0.4)
      net-ssh (>= 1.99.1)
    net-sftp (2.0.5)
      net-ssh (>= 2.0.9)
    net-ssh (2.1.4)
    net-ssh-gateway (1.1.0)
      net-ssh (>= 1.99.1)
    net-ssh-multi (1.1)
      net-ssh (>= 2.1.4)
      net-ssh-gateway (>= 0.99.0)
    rack (1.3.0)
    rack-cache (1.0.2)
      rack (>= 0.4)
    rake (0.9.2)
    rest-client (1.6.3)
      mime-types (>= 1.16)
    rest-client-components (1.2.0)
      rack (>= 1.0.1)
      rest-client (< 1.7.0, >= 1.6.0)
    restfully (0.8.5)
      addressable
      backports
      json (~> 1.5)
      rack-cache
      rest-client (~> 1.6)
      rest-client-components
    rgl (0.4.0)
      rake
      stream (>= 0.5)
    rspec (2.6.0)
      rspec-core (~> 2.6.0)
      rspec-expectations (~> 2.6.0)
      rspec-mocks (~> 2.6.0)
    rspec-core (2.6.4)
    rspec-expectations (2.6.0)
      diff-lcs (~> 1.1.2)
    rspec-mocks (2.6.0)
    stream (0.5)
    uuidtools (2.1.2)
    webmock (1.6.4)
      addressable (> 2.2.5, ~> 2.2)
      crack (>= 0.1.7)

PLATFORMS
  ruby

DEPENDENCIES
  autotest
  autotest-growl
  bfire!
  rake (~> 0.8)
  rspec (~> 2)
  webmock
